GEM
  remote: https://rubygems.org/
  specs:
    concurrent-ruby (1.1.6)
    mini_portile2 (2.4.0)
    nokogiri (1.10.10)
      mini_portile2 (~> 2.4.0)
    tzinfo (2.0.2)
      concurrent-ruby (~> 1.0)

PLATFORMS
  ruby

DEPENDENCIES
  nokogiri
  tzinfo

BUNDLED WITH
   2.0.2
